GIT
  remote: git://github.com/tobiassvn/sidetiq.git
  revision: 4f7d7daea3873443b17bf2f3da61619532bbeba2
  specs:
    sidetiq (0.5.0)
      celluloid (>= 0.14.1)
      ice_cube (~> 0.11.0)
      sidekiq (>= 2.16.0)

GEM
  remote: https://rubygems.org/
  specs:
    actionmailer (4.0.4)
      actionpack (= 4.0.4)
      mail (~> 2.5.4)
    actionpack (4.0.4)
      activesupport (= 4.0.4)
      builder (~> 3.1.0)
      erubis (~> 2.7.0)
      rack (~> 1.5.2)
      rack-test (~> 0.6.2)
    activemodel (4.0.4)
      activesupport (= 4.0.4)
      builder (~> 3.1.0)
    activerecord (4.0.4)
      activemodel (= 4.0.4)
      activerecord-deprecated_finders (~> 1.0.2)
      activesupport (= 4.0.4)
      arel (~> 4.0.0)
    activerecord-deprecated_finders (1.0.3)
    activesupport (4.0.4)
      i18n (~> 0.6, >= 0.6.9)
      minitest (~> 4.2)
      multi_json (~> 1.3)
      thread_safe (~> 0.1)
      tzinfo (~> 0.3.37)
    addressable (2.3.6)
    arel (4.0.2)
    builder (3.1.4)
    celluloid (0.15.2)
      timers (~> 1.1.0)
    coffee-rails (4.0.1)
      coffee-script (>= 2.2.0)
      railties (>= 4.0.0, < 5.0)
    coffee-script (2.2.0)
      coffee-script-source
      execjs
    coffee-script-source (1.7.0)
    columnize (0.3.6)
    connection_pool (2.0.0)
    debugger (1.6.6)
      columnize (>= 0.3.1)
      debugger-linecache (~> 1.2.0)
      debugger-ruby_core_source (~> 1.3.2)
    debugger-linecache (1.2.0)
    debugger-ruby_core_source (1.3.2)
    erubis (2.7.0)
    execjs (2.0.2)
    foundation-rails (5.2.2.0)
      railties (>= 3.1.0)
      sass (>= 3.2.0)
    haml (4.0.5)
      tilt
    haml-rails (0.5.3)
      actionpack (>= 4.0.1)
      activesupport (>= 4.0.1)
      haml (>= 3.1, < 5.0)
      railties (>= 4.0.1)
    hike (1.2.3)
    httparty (0.13.0)
      json (~> 1.8)
      multi_xml (>= 0.5.2)
    i18n (0.6.9)
    ice_cube (0.11.3)
    jbuilder (1.5.3)
      activesupport (>= 3.0.0)
      multi_json (>= 1.2.0)
    jquery-rails (3.1.0)
      railties (>= 3.0, < 5.0)
      thor (>= 0.14, < 2.0)
    json (1.8.1)
    kgio (2.9.2)
    launchy (2.4.2)
      addressable (~> 2.3)
    letter_opener (1.2.0)
      launchy (~> 2.2)
    libv8 (3.16.14.3)
    mail (2.5.4)
      mime-types (~> 1.16)
      treetop (~> 1.4.8)
    mime-types (1.25.1)
    minitest (4.7.5)
    multi_json (1.9.2)
    multi_xml (0.5.5)
    pg (0.17.1)
    polyglot (0.3.4)
    rack (1.5.2)
    rack-test (0.6.2)
      rack (>= 1.0)
    rails (4.0.4)
      actionmailer (= 4.0.4)
      actionpack (= 4.0.4)
      activerecord (= 4.0.4)
      activesupport (= 4.0.4)
      bundler (>= 1.3.0, < 2.0)
      railties (= 4.0.4)
      sprockets-rails (~> 2.0.0)
    rails-observers (0.1.2)
      activemodel (~> 4.0)
    railties (4.0.4)
      actionpack (= 4.0.4)
      activesupport (= 4.0.4)
      rake (>= 0.8.7)
      thor (>= 0.18.1, < 2.0)
    raindrops (0.13.0)
    rake (10.2.2)
    rdoc (4.1.1)
      json (~> 1.4)
    redis (3.0.7)
    redis-namespace (1.4.1)
      redis (~> 3.0.4)
    ref (1.0.5)
    sass (3.2.19)
    sass-rails (4.0.3)
      railties (>= 4.0.0, < 5.0)
      sass (~> 3.2.0)
      sprockets (~> 2.8, <= 2.11.0)
      sprockets-rails (~> 2.0)
    sdoc (0.4.0)
      json (~> 1.8)
      rdoc (~> 4.0, < 5.0)
    sidekiq (3.0.0)
      celluloid (>= 0.15.2)
      connection_pool (>= 2.0.0)
      json
      redis (>= 3.0.6)
      redis-namespace (>= 1.3.1)
    simple_form (3.0.1)
      actionpack (>= 4.0.0, < 4.1)
      activemodel (>= 4.0.0, < 4.1)
    sprockets (2.11.0)
      hike (~> 1.2)
      multi_json (~> 1.0)
      rack (~> 1.0)
      tilt (~> 1.1, != 1.3.0)
    sprockets-rails (2.0.1)
      actionpack (>= 3.0)
      activesupport (>= 3.0)
      sprockets (~> 2.8)
    therubyracer (0.12.1)
      libv8 (~> 3.16.14.0)
      ref
    thor (0.19.1)
    thread_safe (0.3.2)
    tilt (1.4.1)
    timers (1.1.0)
    treetop (1.4.15)
      polyglot
      polyglot (>= 0.3.1)
    turbolinks (2.2.1)
      coffee-rails
    tzinfo (0.3.39)
    uglifier (2.5.0)
      execjs (>= 0.3.0)
      json (>= 1.8.0)
    unicorn (4.8.2)
      kgio (~> 2.6)
      rack
      raindrops (~> 0.7)
    unicorn-rails (1.1.0)
      rack
      unicorn

PLATFORMS
  ruby

DEPENDENCIES
  coffee-rails (~> 4.0.0)
  debugger
  foundation-rails
  haml-rails
  httparty
  jbuilder (~> 1.2)
  jquery-rails
  letter_opener
  pg
  rails (= 4.0.4)
  rails-observers
  sass-rails (~> 4.0.2)
  sdoc
  sidekiq
  sidetiq!
  simple_form
  therubyracer
  turbolinks
  uglifier (>= 1.3.0)
  unicorn
  unicorn-rails
